PATH
  remote: .
  specs:
    infopen-docker (0.0.0)
      docker-api (~> 1.24, >= 1.24.0)

GEM
  remote: https://rubygems.org/
  specs:
    diff-lcs (1.2.5)
    docker-api (1.24.0)
      excon (>= 0.38.0)
      json
    excon (0.45.4)
    json (1.8.3)
    rake (10.4.2)
    rspec (3.4.0)
      rspec-core (~> 3.4.0)
      rspec-expectations (~> 3.4.0)
      rspec-mocks (~> 3.4.0)
    rspec-core (3.4.1)
      rspec-support (~> 3.4.0)
    rspec-expectations (3.4.0)
      diff-lcs (>= 1.2.0, < 2.0)
      rspec-support (~> 3.4.0)
    rspec-mocks (3.4.0)
      diff-lcs (>= 1.2.0, < 2.0)
      rspec-support (~> 3.4.0)
    rspec-support (3.4.1)

PLATFORMS
  ruby

DEPENDENCIES
  infopen-docker!
  rake (~> 10.4, >= 10.4.2)
  rspec (~> 3.4, >= 3.4.0)
